GIT
  remote: https://github.com/NoSoft-SA/crossbeams-dataminer.git
  revision: e8171418afce013c19a29179129eca6f40e51d85
  specs:
    crossbeams-dataminer (0.1.6)
      pg_query (= 1.0.2)

GIT
  remote: https://github.com/NoSoft-SA/crossbeams-label_designer.git
  revision: 05aab88e1fef29d9386d115ab209c23ca35a0990
  specs:
    crossbeams-label_designer (0.1.8)
      dry-configurable
      erubi
      json

GIT
  remote: https://github.com/NoSoft-SA/crossbeams-layout.git
  revision: 9b607a24ccea3ebaaedf9da34dcf701cf5cb85b4
  specs:
    crossbeams-layout (0.1.14)
      diffy
      rouge

GIT
  remote: https://github.com/NoSoft-SA/roda-data_grid.git
  revision: 1933b48bad1f88500037637401ee8883beaa0e30
  specs:
    roda-data_grid (0.1.11)
      axlsx
      crossbeams-dataminer
      crossbeams-layout
      roda

GEM
  remote: https://rubygems.org/
  specs:
    airbrussh (1.3.1)
      sshkit (>= 1.6.1, != 1.7.0)
    ast (2.4.0)
    axlsx (2.0.1)
      htmlentities (~> 4.3.1)
      nokogiri (>= 1.4.1)
      rubyzip (~> 1.0.0)
    bcrypt (3.1.11)
    byebug (10.0.2)
    capistrano (3.11.0)
      airbrussh (>= 1.0.0)
      i18n
      rake (>= 10.0.0)
      sshkit (>= 1.9.0)
    capistrano-bundler (1.3.0)
      capistrano (~> 3.1)
      sshkit (~> 1.2)
    capistrano-chruby (0.1.2)
      capistrano (~> 3.0)
      sshkit (~> 1.3)
    capistrano-passenger (0.2.0)
      capistrano (~> 3.0)
    clipboard (1.1.1)
    coderay (1.1.2)
    concurrent-ruby (1.1.4)
    diffy (3.3.0)
    dotenv (2.5.0)
    dry-configurable (0.7.0)
      concurrent-ruby (~> 1.0)
    dry-container (0.6.0)
      concurrent-ruby (~> 1.0)
      dry-configurable (~> 0.1, >= 0.1.3)
    dry-core (0.4.7)
      concurrent-ruby (~> 1.0)
    dry-equalizer (0.2.1)
    dry-inflector (0.1.2)
    dry-logic (0.4.2)
      dry-container (~> 0.2, >= 0.2.6)
      dry-core (~> 0.2)
      dry-equalizer (~> 0.2)
    dry-struct (0.6.0)
      dry-core (~> 0.4, >= 0.4.3)
      dry-equalizer (~> 0.2)
      dry-types (~> 0.13)
      ice_nine (~> 0.11)
    dry-types (0.13.4)
      concurrent-ruby (~> 1.0)
      dry-container (~> 0.3)
      dry-core (~> 0.4, >= 0.4.4)
      dry-equalizer (~> 0.2)
      dry-inflector (~> 0.1, >= 0.1.2)
      dry-logic (~> 0.4, >= 0.4.2)
    dry-validation (0.12.2)
      concurrent-ruby (~> 1.0)
      dry-configurable (~> 0.1, >= 0.1.3)
      dry-core (~> 0.2, >= 0.2.1)
      dry-equalizer (~> 0.2)
      dry-logic (~> 0.4, >= 0.4.0)
      dry-types (~> 0.13.1)
    erubi (1.8.0)
    faker (1.9.1)
      i18n (>= 0.7)
    ffi (1.9.23)
    htmlentities (4.3.4)
    i18n (1.4.0)
      concurrent-ruby (~> 1.0)
    ice_nine (0.11.2)
    json (2.1.0)
    listen (3.1.5)
      rb-fsevent (~> 0.9, >= 0.9.4)
      rb-inotify (~> 0.9, >= 0.9.7)
      ruby_dep (~> 1.2)
    mail (2.7.1)
      mini_mime (>= 0.1.1)
    metaclass (0.0.4)
    method_source (0.9.0)
    mini_mime (1.0.1)
    mini_portile2 (2.4.0)
    minitest (5.11.3)
    minitest-hooks (1.4.2)
    minitest-rg (5.2.0)
      minitest (~> 5.0)
    minitest-stub_any_instance (1.0.2)
    mocha (1.5.0)
      metaclass (~> 0.0.1)
    net-scp (1.2.1)
      net-ssh (>= 2.6.5)
    net-ssh (5.1.0)
    nokogiri (1.10.1)
      mini_portile2 (~> 2.4.0)
    parallel (1.12.1)
    parser (2.5.1.0)
      ast (~> 2.4.0)
    pg (1.0.0)
    pg_query (1.0.2)
    powerpack (0.1.1)
    pry (0.11.3)
      coderay (~> 1.1.0)
      method_source (~> 0.9.0)
    pry-byebug (3.6.0)
      byebug (~> 10.0)
      pry (~> 0.10)
    pry-clipboard (0.1.1)
      clipboard
      pry
    pry-doc (0.13.4)
      pry (~> 0.11)
      yard (~> 0.9.11)
    puma (3.11.4)
    que (1.0.0.beta3)
    rack (2.0.6)
    rack-console (1.3.1)
      rack (>= 1.1)
      rack-test
    rack-test (1.0.0)
      rack (>= 1.0, < 3)
    rack_csrf (2.6.0)
      rack (>= 1.1.0)
    rainbow (3.0.0)
    rake (12.3.2)
    rb-fsevent (0.10.3)
    rb-inotify (0.9.10)
      ffi (>= 0.5.0, < 2)
    rerun (0.13.0)
      listen (~> 3.0)
    roda (3.16.0)
      rack
    roda-symbolized_params (0.0.2)
    rodauth (1.16.0)
      roda (>= 2.6.0)
      sequel (>= 4)
    rouge (3.3.0)
    rubocop (0.54.0)
      parallel (~> 1.10)
      parser (>= 2.5)
      powerpack (~> 0.1)
      rainbow (>= 2.2.2, < 4.0)
      ruby-progressbar (~> 1.7)
      unicode-display_width (~> 1.0, >= 1.0.1)
    ruby-progressbar (1.9.0)
    ruby_dep (1.5.0)
    rubyzip (1.0.0)
    sass (3.5.6)
      sass-listen (~> 4.0.0)
    sass-listen (4.0.0)
      rb-fsevent (~> 0.9, >= 0.9.4)
      rb-inotify (~> 0.9, >= 0.9.7)
    sequel (5.7.1)
    sequel_pg (1.11.0)
      pg (>= 0.18.0)
      sequel (>= 4.38.0)
    sequel_postgresql_triggers (1.4.0)
      sequel
    sshkit (1.18.0)
      net-scp (>= 1.1.2)
      net-ssh (>= 2.8.0)
    tilt (2.0.8)
    unicode-display_width (1.3.0)
    yard (0.9.12)

PLATFORMS
  ruby

DEPENDENCIES
  bcrypt
  capistrano
  capistrano-bundler
  capistrano-chruby
  capistrano-passenger (>= 0.1.1)
  crossbeams-dataminer!
  crossbeams-label_designer!
  crossbeams-layout!
  dotenv
  dry-inflector
  dry-struct
  dry-validation
  faker
  mail
  minitest (~> 5.11)
  minitest-hooks (= 1.4.2)
  minitest-rg
  minitest-stub_any_instance (~> 1.0.1)
  mocha (~> 1.5)
  nokogiri
  pg
  pry
  pry-byebug
  pry-clipboard
  pry-doc
  puma
  que (= 1.0.0.beta3)
  rack-console
  rack-test
  rack_csrf
  rake
  rerun
  roda
  roda-data_grid!
  roda-symbolized_params
  rodauth
  rouge
  rubocop
  sass
  sequel
  sequel_pg
  sequel_postgresql_triggers
  tilt
  yard

BUNDLED WITH
   1.16.1
