PATH
  remote: /home/violet/projects/crossbeams/crossbeams-label_designer
  specs:
    crossbeams-label_designer (0.1.0)
      dry-configurable
      erubi
      json

GEM
  remote: https://rubygems.org/
  specs:
    coderay (1.1.1)
    concurrent-ruby (1.0.5)
    dry-configurable (0.7.0)
      concurrent-ruby (~> 1.0)
    erubi (1.6.0)
    ffi (1.9.18)
    json (2.1.0)
    listen (3.1.5)
      rb-fsevent (~> 0.9, >= 0.9.4)
      rb-inotify (~> 0.9, >= 0.9.7)
      ruby_dep (~> 1.2)
    method_source (0.8.2)
    pry (0.10.4)
      coderay (~> 1.1.0)
      method_source (~> 0.8.1)
      slop (~> 3.4)
    rack (2.0.1)
    rb-fsevent (0.9.8)
    rb-inotify (0.9.8)
      ffi (>= 0.5.0)
    rerun (0.11.0)
      listen (~> 3.0)
    roda (2.25.0)
      rack
    ruby_dep (1.5.0)
    sass (3.4.23)
    slop (3.6.0)
    tilt (2.0.7)

PLATFORMS
  ruby

DEPENDENCIES
  crossbeams-label_designer!
  pry
  rerun
  roda (~> 2.25)
  sass
  tilt

BUNDLED WITH
   1.14.6
