PATH
  remote: /home/james/ra/crossbeams/crossbeams-dataminer
  specs:
    crossbeams-dataminer (0.1.0)
      pg_query (= 0.11.5)

PATH
  remote: /home/james/ra/crossbeams/crossbeams-label_designer
  specs:
    crossbeams-label_designer (0.1.0)
      dry-configurable
      erubi
      json

PATH
  remote: /home/james/ra/crossbeams/crossbeams-layout
  specs:
    crossbeams-layout (0.1.0)
      rouge

PATH
  remote: /home/james/ra/crossbeams/roda-data_grid
  specs:
    roda-data_grid (0.1.0)
      axlsx
      crossbeams-dataminer
      crossbeams-layout
      roda (~> 2.5)

GEM
  remote: https://rubygems.org/
  specs:
    ast (2.3.0)
    axlsx (2.0.1)
      htmlentities (~> 4.3.1)
      nokogiri (>= 1.4.1)
      rubyzip (~> 1.0.0)
    byebug (9.0.6)
    clipboard (1.1.1)
    coderay (1.1.1)
    concurrent-ruby (1.0.5)
    dotenv (2.2.1)
    dry-configurable (0.7.0)
      concurrent-ruby (~> 1.0)
    dry-container (0.6.0)
      concurrent-ruby (~> 1.0)
      dry-configurable (~> 0.1, >= 0.1.3)
    dry-core (0.3.1)
      concurrent-ruby (~> 1.0)
    dry-equalizer (0.2.0)
    dry-logic (0.4.1)
      dry-container (~> 0.2, >= 0.2.6)
      dry-core (~> 0.2)
      dry-equalizer (~> 0.2)
    dry-struct (0.3.0)
      dry-configurable (~> 0.1)
      dry-core (~> 0.3)
      dry-equalizer (~> 0.2)
      dry-types (~> 0.9, >= 0.9.0)
      ice_nine (~> 0.11)
    dry-types (0.10.3)
      concurrent-ruby (~> 1.0)
      dry-configurable (~> 0.1)
      dry-container (~> 0.3)
      dry-core (~> 0.2, >= 0.2.1)
      dry-equalizer (~> 0.2)
      dry-logic (~> 0.4, >= 0.4.0)
      inflecto (~> 0.0.0, >= 0.0.2)
    dry-validation (0.10.7)
      concurrent-ruby (~> 1.0)
      dry-configurable (~> 0.1, >= 0.1.3)
      dry-core (~> 0.2, >= 0.2.1)
      dry-equalizer (~> 0.2)
      dry-logic (~> 0.4, >= 0.4.0)
      dry-types (~> 0.9, >= 0.9.0)
    erubi (1.6.1)
    ffi (1.9.18)
    htmlentities (4.3.4)
    ice_nine (0.11.2)
    inflecto (0.0.2)
    json (2.1.0)
    listen (3.1.5)
      rb-fsevent (~> 0.9, >= 0.9.4)
      rb-inotify (~> 0.9, >= 0.9.7)
      ruby_dep (~> 1.2)
    method_source (0.8.2)
    mini_portile2 (2.2.0)
    nokogiri (1.8.0)
      mini_portile2 (~> 2.2.0)
    parallel (1.11.2)
    parser (2.4.0.0)
      ast (~> 2.2)
    pg (0.20.0)
    pg_query (0.11.5)
      json (>= 1.8, < 3)
    powerpack (0.1.1)
    pry (0.10.4)
      coderay (~> 1.1.0)
      method_source (~> 0.8.1)
      slop (~> 3.4)
    pry-byebug (3.4.2)
      byebug (~> 9.0)
      pry (~> 0.10)
    pry-clipboard (0.1.1)
      clipboard
      pry
    pry-doc (0.10.0)
      pry (~> 0.9)
      yard (~> 0.9)
    rack (2.0.2)
    rack-console (1.3.1)
      rack (>= 1.1)
      rack-test
    rack-test (0.6.3)
      rack (>= 1.0)
    rack_csrf (2.6.0)
      rack (>= 1.1.0)
    rainbow (2.2.2)
      rake
    rake (12.0.0)
    rb-fsevent (0.9.8)
    rb-inotify (0.9.8)
      ffi (>= 0.5.0)
    rerun (0.11.0)
      listen (~> 3.0)
    roda (2.25.0)
      rack
    roda-symbolized_params (0.0.2)
    rouge (2.2.0)
    rubocop (0.49.1)
      parallel (~> 1.10)
      parser (>= 2.3.3.1, < 3.0)
      powerpack (~> 0.1)
      rainbow (>= 1.99.1, < 3.0)
      ruby-progressbar (~> 1.7)
      unicode-display_width (~> 1.0, >= 1.0.1)
    ruby-progressbar (1.8.1)
    ruby_dep (1.5.0)
    rubyzip (1.0.0)
    sass (3.4.24)
    sequel (4.47.0)
    sequel_postgresql_triggers (1.3.0)
      sequel
    slop (3.6.0)
    tilt (2.0.7)
    unicode-display_width (1.3.0)
    yard (0.9.9)

PLATFORMS
  ruby

DEPENDENCIES
  crossbeams-dataminer!
  crossbeams-label_designer!
  crossbeams-layout!
  dotenv
  dry-struct
  dry-validation
  nokogiri
  pg
  pry
  pry-byebug
  pry-clipboard
  pry-doc
  rack-console
  rack_csrf
  rake
  rerun
  roda (~> 2.25)
  roda-data_grid!
  roda-symbolized_params
  rubocop
  sass
  sequel
  sequel_postgresql_triggers
  tilt
  yard

BUNDLED WITH
   1.15.3
