GIT
  remote: https://github.com/NoSoft-SA/crossbeams-dataminer.git
  revision: e725b7feb054caa27c010df3877b40c79b3ba7aa
  specs:
    crossbeams-dataminer (0.1.0)
      pg_query (= 0.11.5)

GIT
  remote: https://github.com/NoSoft-SA/crossbeams-label_designer.git
  revision: 9962a984d1d642aa3dbad0e0458f88a65aae5a02
  specs:
    crossbeams-label_designer (0.1.1)
      dry-configurable
      erubi
      json

GIT
  remote: https://github.com/NoSoft-SA/crossbeams-layout.git
  revision: 3588bb057a58b2116d1e695d8da22760916984d5
  specs:
    crossbeams-layout (0.1.0)
      rouge

GIT
  remote: https://github.com/NoSoft-SA/roda-data_grid.git
  revision: 888e5c76588821053f6c0b31c5b825ea4a3f9c73
  specs:
    roda-data_grid (0.1.0)
      axlsx
      crossbeams-dataminer
      crossbeams-layout
      roda (~> 2.5)

GEM
  remote: https://rubygems.org/
  specs:
    airbrussh (1.3.0)
      sshkit (>= 1.6.1, != 1.7.0)
    ast (2.3.0)
    axlsx (2.0.1)
      htmlentities (~> 4.3.1)
      nokogiri (>= 1.4.1)
      rubyzip (~> 1.0.0)
    bcrypt (3.1.11)
    byebug (9.0.6)
    capistrano (3.10.1)
      airbrussh (>= 1.0.0)
      i18n
      rake (>= 10.0.0)
      sshkit (>= 1.9.0)
    capistrano-bundler (1.3.0)
      capistrano (~> 3.1)
      sshkit (~> 1.2)
    capistrano-chruby (0.1.2)
      capistrano (~> 3.0)
      sshkit (~> 1.3)
    capistrano-passenger (0.2.0)
      capistrano (~> 3.0)
    clipboard (1.1.1)
    coderay (1.1.1)
    concurrent-ruby (1.0.5)
    dotenv (2.2.1)
    dry-configurable (0.7.0)
      concurrent-ruby (~> 1.0)
    dry-container (0.6.0)
      concurrent-ruby (~> 1.0)
      dry-configurable (~> 0.1, >= 0.1.3)
    dry-core (0.3.1)
      concurrent-ruby (~> 1.0)
    dry-equalizer (0.2.0)
    dry-logic (0.4.1)
      dry-container (~> 0.2, >= 0.2.6)
      dry-core (~> 0.2)
      dry-equalizer (~> 0.2)
    dry-struct (0.3.0)
      dry-configurable (~> 0.1)
      dry-core (~> 0.3)
      dry-equalizer (~> 0.2)
      dry-types (~> 0.9, >= 0.9.0)
      ice_nine (~> 0.11)
    dry-types (0.10.3)
      concurrent-ruby (~> 1.0)
      dry-configurable (~> 0.1)
      dry-container (~> 0.3)
      dry-core (~> 0.2, >= 0.2.1)
      dry-equalizer (~> 0.2)
      dry-logic (~> 0.4, >= 0.4.0)
      inflecto (~> 0.0.0, >= 0.0.2)
    dry-validation (0.10.7)
      concurrent-ruby (~> 1.0)
      dry-configurable (~> 0.1, >= 0.1.3)
      dry-core (~> 0.2, >= 0.2.1)
      dry-equalizer (~> 0.2)
      dry-logic (~> 0.4, >= 0.4.0)
      dry-types (~> 0.9, >= 0.9.0)
    erubi (1.7.0)
    ffi (1.9.18)
    htmlentities (4.3.4)
    i18n (0.9.3)
      concurrent-ruby (~> 1.0)
    ice_nine (0.11.2)
    inflecto (0.0.2)
    json (2.1.0)
    listen (3.1.5)
      rb-fsevent (~> 0.9, >= 0.9.4)
      rb-inotify (~> 0.9, >= 0.9.7)
      ruby_dep (~> 1.2)
    method_source (0.8.2)
    mini_portile2 (2.2.0)
    minitest (5.10.3)
    minitest-hooks (1.4.2)
    net-scp (1.2.1)
      net-ssh (>= 2.6.5)
    net-ssh (4.2.0)
    nokogiri (1.8.0)
      mini_portile2 (~> 2.2.0)
    parallel (1.12.0)
    parser (2.4.0.0)
      ast (~> 2.2)
    pg (0.20.0)
    pg_query (0.11.5)
      json (>= 1.8, < 3)
    powerpack (0.1.1)
    pry (0.10.4)
      coderay (~> 1.1.0)
      method_source (~> 0.8.1)
      slop (~> 3.4)
    pry-byebug (3.4.2)
      byebug (~> 9.0)
      pry (~> 0.10)
    pry-clipboard (0.1.1)
      clipboard
      pry
    pry-doc (0.10.0)
      pry (~> 0.9)
      yard (~> 0.9)
    puma (3.11.0)
    rack (2.0.3)
    rack-console (1.3.1)
      rack (>= 1.1)
      rack-test
    rack-test (0.6.3)
      rack (>= 1.0)
    rack_csrf (2.6.0)
      rack (>= 1.1.0)
    rainbow (2.2.2)
      rake
    rake (12.0.0)
    rb-fsevent (0.9.8)
    rb-inotify (0.9.8)
      ffi (>= 0.5.0)
    rerun (0.11.0)
      listen (~> 3.0)
    roda (2.29.0)
      rack
    roda-symbolized_params (0.0.2)
    rodauth (1.12.0)
      roda (>= 2.6.0)
      sequel (>= 4)
    rouge (3.1.1)
    rubocop (0.51.0)
      parallel (~> 1.10)
      parser (>= 2.3.3.1, < 3.0)
      powerpack (~> 0.1)
      rainbow (>= 2.2.2, < 3.0)
      ruby-progressbar (~> 1.7)
      unicode-display_width (~> 1.0, >= 1.0.1)
    ruby-progressbar (1.9.0)
    ruby_dep (1.5.0)
    rubyzip (1.0.0)
    sass (3.4.24)
    sequel (4.47.0)
    sequel_postgresql_triggers (1.3.0)
      sequel
    slop (3.6.0)
    sshkit (1.16.0)
      net-scp (>= 1.1.2)
      net-ssh (>= 2.8.0)
    tilt (2.0.7)
    unicode-display_width (1.3.0)
    yard (0.9.9)

PLATFORMS
  ruby

DEPENDENCIES
  bcrypt
  capistrano
  capistrano-bundler
  capistrano-chruby
  capistrano-passenger (>= 0.1.1)
  crossbeams-dataminer!
  crossbeams-label_designer!
  crossbeams-layout!
  dotenv
  dry-struct
  dry-validation
  minitest
  minitest-hooks (= 1.4.2)
  nokogiri
  pg
  pry
  pry-byebug
  pry-clipboard
  pry-doc
  puma
  rack-console
  rack_csrf
  rake
  rerun
  roda (~> 2.29)
  roda-data_grid!
  roda-symbolized_params
  rodauth
  rubocop (~> 0.51)
  sass
  sequel
  sequel_postgresql_triggers
  tilt
  yard

BUNDLED WITH
   1.15.4
