PATH
  remote: /home/james/ra/crossbeams/crossbeams-label_designer
  specs:
    crossbeams-label_designer (0.1.0)
      dry-configurable
      json

GEM
  remote: https://rubygems.org/
  specs:
    coderay (1.1.1)
    concurrent-ruby (1.0.2)
    dry-configurable (0.3.0)
      concurrent-ruby (~> 1.0)
    ffi (1.9.14)
    json (2.0.3)
    listen (3.0.8)
      rb-fsevent (~> 0.9, >= 0.9.4)
      rb-inotify (~> 0.9, >= 0.9.7)
    method_source (0.8.2)
    pry (0.10.4)
      coderay (~> 1.1.0)
      method_source (~> 0.8.1)
      slop (~> 3.4)
    rack (2.0.1)
    rb-fsevent (0.9.7)
    rb-inotify (0.9.7)
      ffi (>= 0.5.0)
    rerun (0.11.0)
      listen (~> 3.0)
    roda (2.25.0)
      rack
    sass (3.4.22)
    slop (3.6.0)
    tilt (2.0.6)

PLATFORMS
  ruby

DEPENDENCIES
  crossbeams-label_designer!
  pry
  rerun
  roda (~> 2.25)
  sass
  tilt

BUNDLED WITH
   1.14.6
